GEM
  remote: http://rubygems.org/
  specs:
    addressable (2.6.0)
      public_suffix (>= 2.0.2, < 4.0)
    ast (2.4.0)
    autoprefixer-rails (9.5.0)
      execjs
    backports (3.12.0)
    bootstrap-sass (3.4.1)
      autoprefixer-rails (>= 5.2.1)
      sassc (>= 2.0.0)
    builder (3.2.3)
    capybara (3.16.1)
      addressable
      mini_mime (>= 0.1.3)
      nokogiri (~> 1.8)
      rack (>= 1.6.0)
      rack-test (>= 0.6.3)
      regexp_parser (~> 1.2)
      xpath (~> 3.2)
    chunky_png (1.3.11)
    codeclimate-test-reporter (1.0.9)
      simplecov (<= 0.13)
    compass (1.0.3)
      chunky_png (~> 1.2)
      compass-core (~> 1.0.2)
      compass-import-once (~> 1.0.5)
      rb-fsevent (>= 0.9.3)
      rb-inotify (>= 0.9)
      sass (>= 3.3.13, < 3.5)
    compass-core (1.0.3)
      multi_json (~> 1.0)
      sass (>= 3.3.0, < 3.5)
    compass-import-once (1.0.5)
      sass (>= 3.2, < 3.5)
    cucumber (3.1.2)
      builder (>= 2.1.2)
      cucumber-core (~> 3.2.0)
      cucumber-expressions (~> 6.0.1)
      cucumber-wire (~> 0.0.1)
      diff-lcs (~> 1.3)
      gherkin (~> 5.1.0)
      multi_json (>= 1.7.5, < 2.0)
      multi_test (>= 0.1.2)
    cucumber-core (3.2.1)
      backports (>= 3.8.0)
      cucumber-tag_expressions (~> 1.1.0)
      gherkin (~> 5.0)
    cucumber-expressions (6.0.1)
    cucumber-sinatra (0.5.0)
      templater (>= 1.0.0)
    cucumber-tag_expressions (1.1.1)
    cucumber-wire (0.0.1)
    diff-lcs (1.3)
    docile (1.1.5)
    dotenv (2.7.2)
    execjs (2.7.0)
    extlib (0.9.16)
    ffi (1.10.0)
    foreman (0.85.0)
      thor (~> 0.19.1)
    gherkin (5.1.0)
    haml (5.0.4)
      temple (>= 0.8.0)
      tilt
    highline (2.0.1)
    jaro_winkler (1.5.2)
    json (2.2.0)
    mime-types (1.25.1)
    mini_mime (1.0.1)
    mini_portile2 (2.4.0)
    multi_json (1.13.1)
    multi_test (0.1.2)
    mustermann (1.0.3)
    nokogiri (1.10.2)
      mini_portile2 (~> 2.4.0)
    parallel (1.17.0)
    parser (2.6.2.0)
      ast (~> 2.4.0)
    psych (3.1.0)
    public_suffix (3.0.3)
    rack (2.0.7)
    rack-protection (2.0.5)
      rack
    rack-test (1.1.0)
      rack (>= 1.0, < 3)
    rainbow (3.0.0)
    rake (10.5.0)
    rb-fsevent (0.10.3)
    rb-inotify (0.10.0)
      ffi (~> 1.0)
    regexp_parser (1.4.0)
    rspec (3.8.0)
      rspec-core (~> 3.8.0)
      rspec-expectations (~> 3.8.0)
      rspec-mocks (~> 3.8.0)
    rspec-core (3.8.0)
      rspec-support (~> 3.8.0)
    rspec-expectations (3.8.2)
      diff-lcs (>= 1.2.0, < 2.0)
      rspec-support (~> 3.8.0)
    rspec-mocks (3.8.0)
      diff-lcs (>= 1.2.0, < 2.0)
      rspec-support (~> 3.8.0)
    rspec-support (3.8.0)
    rubocop (0.67.0)
      jaro_winkler (~> 1.5.1)
      parallel (~> 1.10)
      parser (>= 2.5, != 2.5.1.1)
      psych (>= 3.1.0)
      rainbow (>= 2.2.2, < 4.0)
      ruby-progressbar (~> 1.7)
      unicode-display_width (>= 1.4.0, < 1.6)
    ruby-progressbar (1.10.0)
    rubyzip (1.2.2)
    sass (3.4.25)
    sassc (2.0.1)
      ffi (~> 1.9)
      rake
    simplecov (0.13.0)
      docile (~> 1.1.0)
      json (>= 1.8, < 3)
      simplecov-html (~> 0.10.0)
    simplecov-html (0.10.2)
    sinatra (2.0.5)
      mustermann (~> 1.0)
      rack (~> 2.0)
      rack-protection (= 2.0.5)
      tilt (~> 2.0)
    templater (1.0.0)
      diff-lcs (>= 1.1.2)
      extlib (>= 0.9.5)
      highline (>= 1.4.0)
    temple (0.8.1)
    thor (0.19.4)
    tilt (2.0.9)
    travis-lint (2.0.0)
      json
    unicode-display_width (1.5.0)
    xpath (3.2.0)
      nokogiri (~> 1.8)

PLATFORMS
  ruby

DEPENDENCIES
  bootstrap-sass (~> 3.4.1)
  capybara (~> 3.16.1)
  codeclimate-test-reporter (~> 1.0.9)
  compass (~> 1.0.3)
  cucumber (~> 3.1.2)
  cucumber-sinatra
  dotenv (~> 2.0)
  foreman
  haml (~> 5.0.4)
  json (~> 2.2.0)
  mime-types (~> 1.25.1)
  nokogiri (~> 1.10.2)
  rack
  rake (~> 10.0)
  rspec
  rubocop
  rubyzip (~> 1.2.2)
  sinatra (~> 2.0.2)
  tilt (~> 2.0)
  travis-lint

BUNDLED WITH
   1.17.1
